PATH
  remote: .
  specs:
    osmn (0.2.5)
      ostruct

GEM
  remote: https://rubygems.org/
  specs:
    minitest (5.25.4)
    ostruct (0.6.1)
    rake (13.2.1)

PLATFORMS
  arm64-darwin-24
  ruby

DEPENDENCIES
  minitest
  osmn!
  rake

BUNDLED WITH
   2.6.3
