PATH
  remote: .
  specs:
    osmn (0.2.0)

GEM
  remote: https://rubygems.org/
  specs:
    minitest (5.10.3)
    rake (12.2.1)

PLATFORMS
  ruby

DEPENDENCIES
  minitest
  osmn!
  rake

BUNDLED WITH
   1.16.0
